PATH
  remote: .
  specs:
    marbu (0.0.1)
      haml
      mongo
      rake
      sinatra
      vegas

GEM
  remote: http://rubygems.org/
  specs:
    bson (1.4.0)
    haml (3.1.3)
    mongo (1.4.0)
      bson (= 1.4.0)
    multi_json (1.0.3)
    rack (1.3.5)
    rack-protection (1.1.4)
      rack
    rake (0.9.2.2)
    shoulda (2.11.3)
    simplecov (0.5.4)
      multi_json (~> 1.0.3)
      simplecov-html (~> 0.5.3)
    simplecov-html (0.5.3)
    sinatra (1.3.1)
      rack (~> 1.3, >= 1.3.4)
      rack-protection (~> 1.1, >= 1.1.2)
      tilt (~> 1.3, >= 1.3.3)
    spork (0.8.5)
    spork-testunit (0.0.7)
      spork (>= 0.6.0)
    tilt (1.3.3)
    vegas (0.1.8)
      rack (>= 1.0.0)

PLATFORMS
  ruby

DEPENDENCIES
  marbu!
  shoulda
  simplecov
  spork
  spork-testunit
