PATH
  remote: .
  specs:
    marbu (0.0.1)

GEM
  remote: http://rubygems.org/
  specs:
    shoulda (2.11.3)
    spork (0.8.5)
    spork-testunit (0.0.5)
      spork (>= 0.6.0)

PLATFORMS
  ruby

DEPENDENCIES
  marbu!
  shoulda
  spork
  spork-testunit
