PATH
  remote: .
  specs:
    marbu (0.0.1)
      haml
      mongo
      rake
      sinatra
      vegas

GEM
  remote: http://rubygems.org/
  specs:
    bson (1.3.1)
    haml (3.1.2)
    mongo (1.3.1)
      bson (>= 1.3.1)
    rack (1.3.2)
    rake (0.9.2)
    shoulda (2.11.3)
    simplecov (0.4.2)
      simplecov-html (~> 0.4.4)
    simplecov-html (0.4.5)
    sinatra (1.2.6)
      rack (~> 1.1)
      tilt (< 2.0, >= 1.2.2)
    spork (0.8.5)
    spork-testunit (0.0.5)
      spork (>= 0.6.0)
    tilt (1.3.2)
    vegas (0.1.8)
      rack (>= 1.0.0)

PLATFORMS
  ruby

DEPENDENCIES
  marbu!
  shoulda
  simplecov
  spork
  spork-testunit
