GIT
  remote: git@github.com:QEDio/mongodb-testdata-factory.git
  revision: 559939c214974ec87cf0c67a54f881eb255aa215
  submodules: true
  specs:
    mongodb-testdata-factory (0.0.1)

PATH
  remote: .
  specs:
    marbu (0.0.1)
      bson_ext
      haml
      mongo
      mongoid
      rake
      sinatra
      uuid
      vegas

GEM
  remote: http://rubygems.org/
  specs:
    activemodel (3.1.3)
      activesupport (= 3.1.3)
      builder (~> 3.0.0)
      i18n (~> 0.6)
    activesupport (3.1.3)
      multi_json (~> 1.0)
    ansi (1.4.1)
    archive-tar-minitar (0.5.2)
    bson (1.5.1)
    bson_ext (1.5.1)
    builder (3.0.0)
    columnize (0.3.6)
    daemons (1.1.6)
    diff-lcs (1.1.3)
    eventmachine (0.12.10)
    factory_girl (2.3.2)
      activesupport
    haml (3.1.4)
    i18n (0.6.0)
    linecache19 (0.5.12)
      ruby_core_source (>= 0.1.4)
    macaddr (1.5.0)
      systemu (>= 2.4.0)
    mongo (1.5.1)
      bson (= 1.5.1)
    mongoid (2.3.4)
      activemodel (~> 3.1)
      mongo (~> 1.3)
      tzinfo (~> 0.3.22)
    multi_json (1.0.4)
    rack (1.3.5)
    rack-protection (1.1.4)
      rack
    rake (0.9.2.2)
    rspec (2.7.0)
      rspec-core (~> 2.7.0)
      rspec-expectations (~> 2.7.0)
      rspec-mocks (~> 2.7.0)
    rspec-core (2.7.1)
    rspec-expectations (2.7.0)
      diff-lcs (~> 1.1.2)
    rspec-mocks (2.7.0)
    ruby-debug-base19 (0.11.25)
      columnize (>= 0.3.1)
      linecache19 (>= 0.5.11)
      ruby_core_source (>= 0.1.4)
    ruby-debug19 (0.11.6)
      columnize (>= 0.3.1)
      linecache19 (>= 0.5.11)
      ruby-debug-base19 (>= 0.11.19)
    ruby_core_source (0.1.5)
      archive-tar-minitar (>= 0.5.2)
    shotgun (0.9)
      rack (>= 1.0)
    simplecov (0.5.4)
      multi_json (~> 1.0.3)
      simplecov-html (~> 0.5.3)
    simplecov-html (0.5.3)
    sinatra (1.3.1)
      rack (~> 1.3, >= 1.3.4)
      rack-protection (~> 1.1, >= 1.1.2)
      tilt (~> 1.3, >= 1.3.3)
    spork (0.8.5)
    spork-testunit (0.0.7)
      spork (>= 0.6.0)
    systemu (2.4.1)
    thin (1.3.1)
      daemons (>= 1.0.9)
      eventmachine (>= 0.12.6)
      rack (>= 1.0.0)
    tilt (1.3.3)
    turn (0.8.3)
      ansi
    tzinfo (0.3.31)
    uuid (2.3.4)
      macaddr (~> 1.0)
    vegas (0.1.8)
      rack (>= 1.0.0)

PLATFORMS
  ruby

DEPENDENCIES
  factory_girl
  i18n
  marbu!
  mongodb-testdata-factory!
  rspec
  ruby-debug19
  shotgun
  simplecov
  spork
  spork-testunit
  thin
  turn
